GEM
  remote: https://rubygems.org/
  remote: https://gem.fury.io/cebucodecamp/
  remote: https://gem.fury.io/nlevel/
  specs:
    cableguy (0.5.0)
      sequel
      sqlite3
      thor
    docker_task (0.1.2.1)
      rake
    minitest (5.10.2)
    rake (12.0.0)
    sequel (4.46.0)
    sqlite3 (1.3.13)
    thor (0.19.4)

PLATFORMS
  ruby

DEPENDENCIES
  cableguy
  docker_task
  minitest
  rake

BUNDLED WITH
   1.14.6
