PATH
  remote: /Users/markj/work/cableguy
  specs:
    cableguy (0.5.0.pre2)
      sequel
      sqlite3
      thor

GEM
  remote: https://rubygems.org/
  specs:
    minitest (5.10.1)
    rake (12.0.0)
    sequel (4.45.0)
    sqlite3 (1.3.13)
    thor (0.19.4)

PLATFORMS
  ruby

DEPENDENCIES
  cableguy!
  minitest
  rake

BUNDLED WITH
   1.14.6
