GEM
  remote: https://rubygems.org/
  remote: https://repo.nlevel.io/ruby/
  specs:
    cableguy (0.5.1.pre14)
      sequel
      sqlite3
      thor
    docker_task (0.1.4.alpha.1.g4e39400)
      rake
    minitest (5.11.3)
    rake (12.3.1)
    sequel (5.11.0)
    sqlite3 (1.3.13)
    thor (0.20.0)

PLATFORMS
  ruby

DEPENDENCIES
  cableguy (~> 0.5.1.pre14)!
  docker_task (= 0.1.4.alpha.1.g4e39400)!
  minitest
  rake

BUNDLED WITH
   1.16.2
